PATH
  remote: .
  specs:
    mediawiki-gateway (0.4.2)
      activesupport
      rest-client (>= 1.3.0)

GEM
  remote: http://rubygems.org/
  specs:
    activesupport (3.0.10)
    diff-lcs (1.1.3)
    git (1.2.5)
    jeweler (1.6.4)
      bundler (~> 1.0)
      git (>= 1.2.5)
      rake
    mime-types (1.16)
    rack (1.3.2)
    rake (0.9.2)
    rest-client (1.6.7)
      mime-types (>= 1.16)
    rr (1.0.3)
    rspec (2.6.0)
      rspec-core (~> 2.6.0)
      rspec-expectations (~> 2.6.0)
      rspec-mocks (~> 2.6.0)
    rspec-core (2.6.4)
    rspec-expectations (2.6.0)
      diff-lcs (~> 1.1.2)
    rspec-mocks (2.6.0)
    sham_rack (1.3.3)
      rack

PLATFORMS
  ruby

DEPENDENCIES
  jeweler
  mediawiki-gateway!
  rr
  rspec (~> 2.6)
  sham_rack
